GIT
  remote: git://github.com/cloudfoundry/bosh.git
  revision: e83c8c5d6b1a6127597b844d451975297d368b06
  specs:
    blobstore_client (1.5.0.pre)
      aws-sdk (~> 1.8.1.1)
      bosh_common (~> 1.5.0.pre)
      fog (~> 1.9.0)
      httpclient (= 2.2.4)
      multi_json (~> 1.1)
      ruby-atmos-pure (~> 1.0.5)
      uuidtools (~> 2.1.2)
    bosh_agent (1.5.0.pre)
      blobstore_client (~> 1.5.0.pre)
      bosh_common (~> 1.5.0.pre)
      bosh_encryption (~> 1.5.0.pre)
      highline (~> 1.6.2)
      httpclient (= 2.2.4)
      monit_api (~> 1.5.0.pre)
      nats (~> 0.4.28)
      netaddr (~> 1.5.0)
      posix-spawn (~> 0.3.6)
      ruby-atmos-pure (~> 1.0.5)
      sigar (>= 0.7.2)
      sinatra (~> 1.2.8)
      sys-filesystem (~> 1.1.0)
      thin (~> 1.5.0)
      uuidtools (~> 2.1.3)
      yajl-ruby (~> 1.1.0)
    bosh_common (1.5.0.pre)
    bosh_encryption (1.5.0.pre)
      gibberish (~> 1.2.0)
      uuidtools (~> 2.1.3)
      yajl-ruby (~> 1.1.0)
    monit_api (1.5.0.pre)
      crack (~> 0.3.2)

GEM
  remote: http://rubygems.org/
  specs:
    agent_client (0.1.1)
      httpclient
      yajl-ruby
    aws-sdk (1.8.1.3)
      json (~> 1.4)
      nokogiri (>= 1.4.4)
      uuidtools (~> 2.1)
    builder (3.1.4)
    cf-uaa-lib (1.3.7)
      multi_json
    cfoundry (0.5.0)
      cf-uaa-lib (~> 1.3.3)
      multi_json (~> 1.3)
      multipart-post (~> 1.1)
      rubyzip (~> 0.9)
    childprocess (0.3.8)
      ffi (~> 1.0, >= 1.0.11)
    ci_reporter (1.8.4)
      builder (>= 2.1.2)
    coffee-script (2.2.0)
      coffee-script-source
      execjs
    coffee-script-source (1.4.0)
    crack (0.3.2)
    daemons (1.1.9)
    diff-lcs (1.1.3)
    eventmachine (0.12.10)
    excon (0.16.10)
    execjs (1.4.0)
      multi_json (~> 1.0)
    fakeweb (1.3.0)
    ffi (1.3.1)
    fog (1.9.0)
      builder
      excon (~> 0.14)
      formatador (~> 0.2.0)
      mime-types
      multi_json (~> 1.0)
      net-scp (~> 1.0.4)
      net-ssh (>= 2.1.3)
      nokogiri (~> 1.5.0)
      ruby-hmac
    formatador (0.2.4)
    gibberish (1.2.1)
    highline (1.6.15)
    hike (1.2.1)
    httpclient (2.2.4)
    jasmine (1.3.0)
      jasmine-core (>= 1.3.0)
      rack (~> 1.0)
      rspec (>= 1.3.1)
      selenium-webdriver (>= 0.1.3)
    jasmine-core (1.3.1)
    json (1.7.7)
    json_pure (1.7.7)
    libv8 (3.11.8.13)
    log4r (1.1.10)
    mime-types (1.21)
    multi_json (1.6.0)
    multipart-post (1.1.5)
    nats (0.4.28)
      daemons (>= 1.1.5)
      eventmachine (= 0.12.10)
      json_pure (>= 1.7.3)
      thin (>= 1.4.1)
    net-scp (1.0.4)
      net-ssh (>= 1.99.1)
    net-ssh (2.6.5)
    netaddr (1.5.0)
    nokogiri (1.5.6)
    posix-spawn (0.3.6)
    progressbar (0.20.0)
    rack (1.5.2)
    rack-rewrite (1.3.3)
    rack-test (0.6.2)
      rack (>= 1.0)
    rake (10.0.3)
    rcov (1.0.0)
    ref (1.0.2)
    rest-client (1.6.7)
      mime-types (>= 1.16)
    rspec (2.12.0)
      rspec-core (~> 2.12.0)
      rspec-expectations (~> 2.12.0)
      rspec-mocks (~> 2.12.0)
    rspec-core (2.12.2)
    rspec-expectations (2.12.1)
      diff-lcs (~> 1.1.3)
    rspec-mocks (2.12.2)
    ruby-atmos-pure (1.0.5)
      log4r (>= 1.1.9)
      ruby-hmac (>= 0.4.0)
    ruby-graphviz (1.0.8)
    ruby-hmac (0.4.0)
    rubyzip (0.9.9)
    selenium-webdriver (2.29.0)
      childprocess (>= 0.2.5)
      multi_json (~> 1.0)
      rubyzip
      websocket (~> 1.0.4)
    shotgun (0.9)
      rack (>= 1.0)
    sigar (0.7.2)
    simplecov (0.7.1)
      multi_json (~> 1.0)
      simplecov-html (~> 0.7.1)
    simplecov-html (0.7.1)
    simplecov-rcov (0.2.3)
      simplecov (>= 0.4.1)
    sinatra (1.2.8)
      rack (~> 1.1)
      tilt (>= 1.2.2, < 2.0)
    sprockets (2.8.2)
      hike (~> 1.2)
      multi_json (~> 1.0)
      rack (~> 1.0)
      tilt (~> 1.1, != 1.3.0)
    statemachine (2.1.0)
    sys-filesystem (1.1.0)
      ffi
    therubyracer (0.11.3)
      libv8 (~> 3.11.8.12)
      ref
    thin (1.5.0)
      daemons (>= 1.0.9)
      eventmachine (>= 0.12.6)
      rack (>= 1.0.0)
    tilt (1.3.3)
    uglifier (1.3.0)
      execjs (>= 0.3.0)
      multi_json (~> 1.0, >= 1.0.2)
    uuidtools (2.1.3)
    websocket (1.0.7)
    yajl-ruby (1.1.0)

PLATFORMS
  ruby

DEPENDENCIES
  agent_client
  blobstore_client!
  bosh_agent!
  bosh_common
  bosh_encryption!
  cfoundry (~> 0.5.0)
  ci_reporter
  coffee-script
  execjs
  fakeweb
  highline
  jasmine (= 1.3.0)
  json
  monit_api!
  nats
  netaddr
  posix-spawn
  progressbar
  rack
  rack-rewrite
  rack-test
  rake
  rcov
  rest-client
  rspec (>= 2.12.0)
  ruby-atmos-pure
  ruby-graphviz
  shotgun
  sigar (>= 0.7.2)
  simplecov
  simplecov-rcov
  sinatra
  sprockets
  statemachine
  therubyracer
  thin
  uglifier
  uuidtools
  yajl-ruby
