GIT
  remote: git://github.com/cloudfoundry/bosh.git
  revision: 3370f4be11bf1a5581e089d3658931dd449b5526
  specs:
    agent_client (0.1.1)
      httpclient
      yajl-ruby
    bosh_encryption (0.0.4)
      gibberish (~> 1.2.0)
      uuidtools (~> 2.1.2)
      yajl-ruby
    monit_api (1.0.2)
      crack

GEM
  remote: http://rubygems.org/
  specs:
    addressable (2.3.2)
    aws-s3 (0.6.3)
      builder
      mime-types
      xml-simple
    blobstore_client (0.3.13)
      aws-s3 (~> 0.6.2)
      httpclient (>= 2.2)
      multi_json (~> 1.1.0)
      ruby-atmos-pure (~> 1.0.5)
      uuidtools (~> 2.1.2)
    bosh_common (0.5.1)
    builder (3.1.4)
    childprocess (0.3.6)
      ffi (~> 1.0, >= 1.0.6)
    ci_reporter (1.8.0)
      builder (>= 2.1.2)
    coffee-script (2.2.0)
      coffee-script-source
      execjs
    coffee-script-source (1.4.0)
    crack (0.3.1)
    daemons (1.1.9)
    diff-lcs (1.1.3)
    eventmachine (1.0.0)
    execjs (1.4.0)
      multi_json (~> 1.0)
    fakeweb (1.3.0)
    ffi (1.2.0)
    gibberish (1.2.0)
    highline (1.6.15)
    httpclient (2.3.0.1)
    jasmine (1.3.0)
      jasmine-core (>= 1.3.0)
      rack (~> 1.0)
      rspec (>= 1.3.1)
      selenium-webdriver (>= 0.1.3)
    jasmine-core (1.3.0)
    json_pure (1.7.5)
    libv8 (3.3.10.4)
    libwebsocket (0.1.7.1)
      addressable
      websocket
    log4r (1.1.10)
    mime-types (1.19)
    multi_json (1.1.0)
    nats (0.4.22)
      daemons (>= 1.1.4)
      eventmachine (>= 0.12.10)
      json_pure (>= 1.6.1)
      thin (>= 1.3.1)
    netaddr (1.5.0)
    posix-spawn (0.3.6)
    progressbar (0.12.0)
    rack (1.4.1)
    rack-protection (1.2.0)
      rack
    rack-rewrite (1.3.1)
    rack-test (0.6.2)
      rack (>= 1.0)
    rake (10.0.2)
    rcov (1.0.0)
    rest-client (1.6.7)
      mime-types (>= 1.16)
    rspec (2.12.0)
      rspec-core (~> 2.12.0)
      rspec-expectations (~> 2.12.0)
      rspec-mocks (~> 2.12.0)
    rspec-core (2.12.0)
    rspec-expectations (2.12.0)
      diff-lcs (~> 1.1.3)
    rspec-mocks (2.12.0)
    ruby-atmos-pure (1.0.5)
      log4r (>= 1.1.9)
      ruby-hmac (>= 0.4.0)
    ruby-graphviz (1.0.8)
    ruby-hmac (0.4.0)
    rubyzip (0.9.9)
    selenium-webdriver (2.26.0)
      childprocess (>= 0.2.5)
      libwebsocket (~> 0.1.3)
      multi_json (~> 1.0)
      rubyzip
    shotgun (0.9)
      rack (>= 1.0)
    sigar (0.7.2)
    simplecov (0.7.1)
      multi_json (~> 1.0)
      simplecov-html (~> 0.7.1)
    simplecov-html (0.7.1)
    simplecov-rcov (0.2.3)
      simplecov (>= 0.4.1)
    sinatra (1.3.3)
      rack (~> 1.3, >= 1.3.6)
      rack-protection (~> 1.2)
      tilt (~> 1.3, >= 1.3.3)
    statemachine (2.0.1)
    therubyracer (0.10.2)
      libv8 (~> 3.3.10)
    thin (1.5.0)
      daemons (>= 1.0.9)
      eventmachine (>= 0.12.6)
      rack (>= 1.0.0)
    tilt (1.3.3)
    uuidtools (2.1.3)
    websocket (1.0.4)
    xml-simple (1.1.2)
    yajl-ruby (1.1.0)

PLATFORMS
  ruby

DEPENDENCIES
  agent_client
  blobstore_client (~> 0.3.13)
  bosh_common
  bosh_encryption!
  ci_reporter
  coffee-script
  execjs
  fakeweb
  highline
  jasmine
  monit_api!
  nats (= 0.4.22)
  netaddr
  posix-spawn
  progressbar
  rack-rewrite
  rack-test
  rake
  rcov
  rest-client
  rspec (>= 2.12.0)
  ruby-atmos-pure
  ruby-graphviz
  shotgun
  sigar (>= 0.7.2)
  simplecov
  simplecov-rcov
  sinatra
  statemachine
  therubyracer
  thin
  uuidtools
  yajl-ruby
